GIT
  remote: https://github.com/bkuhlmann/xdg
  revision: 9f3aa51e75d6aec4ec100752f5a2afdeecb4faed
  tag: 3.0.2
  specs:
    xdg (3.0.2)

GEM
  remote: https://rubygems.org/
  specs:
    ast (2.4.2)
    commander-openflighthpc (2.2.0)
      highline (> 1.7.2)
      paint (~> 2.1.0)
      slop (~> 4.8)
    highline (2.1.0)
    json (2.6.3)
    open3 (0.1.2)
    paint (2.1.1)
    parallel (1.22.1)
    parser (3.2.1.0)
      ast (~> 2.4.1)
    pastel (0.8.0)
      tty-color (~> 0.5)
    rainbow (3.1.1)
    regexp_parser (2.7.0)
    rexml (3.2.5)
    rubocop (1.45.1)
      json (~> 2.3)
      parallel (~> 1.10)
      parser (>= 3.2.0.0)
      rainbow (>= 2.2.2, < 4.0)
      regexp_parser (>= 1.8, < 3.0)
      rexml (>= 3.2.5, < 4.0)
      rubocop-ast (>= 1.24.1, < 2.0)
      ruby-progressbar (~> 1.7)
      unicode-display_width (>= 2.4.0, < 3.0)
    rubocop-ast (1.26.0)
      parser (>= 3.2.1.0)
    ruby-progressbar (1.11.0)
    slop (4.9.3)
    strings (0.2.1)
      strings-ansi (~> 0.2)
      unicode-display_width (>= 1.5, < 3.0)
      unicode_utils (~> 1.4)
    strings-ansi (0.2.0)
    tty-color (0.6.0)
    tty-config (0.6.0)
    tty-cursor (0.7.1)
    tty-prompt (0.23.1)
      pastel (~> 0.8)
      tty-reader (~> 0.8)
    tty-reader (0.9.0)
      tty-cursor (~> 0.7)
      tty-screen (~> 0.8)
      wisper (~> 2.0)
    tty-screen (0.8.1)
    tty-table (0.12.0)
      pastel (~> 0.8)
      strings (~> 0.2.0)
      tty-screen (~> 0.8)
    unicode-display_width (2.4.2)
    unicode_utils (1.4.0)
    wisper (2.0.1)

PLATFORMS
  ruby
  x86_64-linux

DEPENDENCIES
  commander-openflighthpc (~> 2.2.0)
  open3
  rubocop
  tty-config
  tty-prompt
  tty-table
  xdg!

BUNDLED WITH
   2.1.4
